GIT
  remote: git://github.com/PixieEngine/EditorBase
  revision: b042dd49b613ee0adbf01211a6e336aba4840b11
  specs:
    editor_base (0.0.1)
      backbone-source
      coffee-filter
      cornerstone-source
      haml_coffee_assets
      jquery-source
      underscore-source

GIT
  remote: git://github.com/PixieEngine/TileEditor
  revision: b5f259facf3ee1c70fa32e1046ca64edaf097a47
  specs:
    tile_editor (0.0.1)

GIT
  remote: git://github.com/PixieEngine/pixie_sass
  revision: 9c4f7df796b02fde788f8e484d2b079f60e957b8
  specs:
    pixie_sass (0.0.1)
      compass

GIT
  remote: git://github.com/dharanasoft/haml-sprockets.git
  revision: 636a8bcf7aaae64481ae198b7981764592310786
  ref: 636a8bcf7aaae64481ae198b7981764592310786
  specs:
    haml-sprockets (0.0.5)
      sprockets (~> 2.1.2)
      tilt (~> 1.3)

GIT
  remote: git://github.com/jdleesmiller/gratr.git
  revision: d96d658abd2466d7542b6aeb54f8c17250a4bbc2
  specs:
    gratr (0.5.1)

GIT
  remote: git://github.com/mdiebolt/bone_tree.git
  revision: 4a16934d939b0070157149734e7414754f10f9d9
  specs:
    bone_tree (0.9.4)
      cornerstone-source
      jquery-source
      underscore-source

GIT
  remote: git://github.com/rails/exception_notification.git
  revision: 192a49a02d63d28b23ed41cebadfedd490929cf1
  specs:
    exception_notification (1.0.0)

GIT
  remote: git://github.com/thoughtbot/factory_girl.git
  revision: 4b6ada72cfe551becf13e9e707d1591833379075
  specs:
    factory_girl (2.3.2)
      activesupport

GEM
  remote: http://rubygems.org/
  specs:
    aaronh-chronic (0.3.9)
    actionmailer (3.2.6)
      actionpack (= 3.2.6)
      mail (~> 2.4.4)
    actionpack (3.2.6)
      activemodel (= 3.2.6)
      activesupport (= 3.2.6)
      builder (~> 3.0.0)
      erubis (~> 2.7.0)
      journey (~> 1.0.1)
      rack (~> 1.4.0)
      rack-cache (~> 1.2)
      rack-test (~> 0.6.1)
      sprockets (~> 2.1.3)
    activemodel (3.2.6)
      activesupport (= 3.2.6)
      builder (~> 3.0.0)
    activerecord (3.2.6)
      activemodel (= 3.2.6)
      activesupport (= 3.2.6)
      arel (~> 3.0.2)
      tzinfo (~> 0.3.29)
    activeresource (3.2.6)
      activemodel (= 3.2.6)
      activesupport (= 3.2.6)
    activesupport (3.2.6)
      i18n (~> 0.6)
      multi_json (~> 1.0)
    acts-as-taggable-on (2.2.2)
      rails (~> 3.0)
    ansi (1.3.0)
    arel (3.0.2)
    authlogic (3.1.0)
      activerecord (>= 3.0.7)
      activerecord (>= 3.0.7)
    aws-s3 (0.6.2)
      builder
      mime-types
      xml-simple
    backbone-source (0.0.3)
    bluecloth (2.1.0)
    boner (0.1.3)
      backbone-source
      jquery-source
      underscore-source
    bootstrap-sass (2.0.4.0)
    builder (3.0.0)
    capistrano (2.8.0)
      highline
      net-scp (>= 1.0.0)
      net-sftp (>= 2.0.0)
      net-ssh (>= 2.0.14)
      net-ssh-gateway (>= 1.1.0)
    childprocess (0.2.2)
      ffi (~> 1.0.6)
    chunky_png (1.2.5)
    cocaine (0.2.0)
    coffee-filter (0.1.1)
      coffee-script (>= 2.2.0)
      haml (>= 3.0.18)
    coffee-rails (3.2.2)
      coffee-script (>= 2.2.0)
      railties (~> 3.2.0)
    coffee-script (2.2.0)
      coffee-script-source
      execjs
    coffee-script-source (1.2.0)
    color (1.4.1)
    compass (0.12.1)
      chunky_png (~> 1.2)
      fssm (>= 0.2.7)
      sass (~> 3.1)
    compass-rails (1.0.2)
      compass (>= 0.12.0, < 0.14)
    cornerstone-source (0.1.5)
    diff-lcs (1.1.3)
    dynamic_form (1.1.4)
    erubis (2.7.0)
    execjs (1.4.0)
      multi_json (~> 1.0)
    faraday (0.8.0)
      multipart-post (~> 1.1)
    fastercsv (1.5.4)
    ffi (1.0.11)
    fssm (0.2.9)
    growl (1.0.3)
    haml (3.1.7)
    haml_coffee_assets (1.4.7)
      coffee-script (>= 1.0.0)
      sprockets (>= 2.0.3)
      tilt (>= 1.3.3)
    hashie (1.2.0)
    highline (1.6.2)
    hike (1.2.1)
    hodel_3000_compliant_logger (0.1.0)
    hoe (2.12.0)
      rake (~> 0.8)
    hpricot (0.8.4)
    html5-boilerplate (1.0.0)
      compass (>= 0.11.1)
    httpauth (0.1)
    i18n (0.6.0)
    jasmine (1.1.2)
      jasmine-core (>= 1.1.0)
      rack (>= 1.1)
      rspec (>= 1.3.1)
      selenium-webdriver (>= 0.1.3)
    jasmine-core (1.2.0)
    jasmine-headless-webkit (0.8.4)
      coffee-script
      jasmine-core (~> 1.1)
      multi_json
      rainbow
      sprockets (~> 2)
    jasmine-spec-extras (0.0.2)
    journey (1.0.3)
    jquery-image_reader (0.1.1)
      jquery-source
    jquery-source (1.7.1)
    json (1.7.3)
    json_pure (1.6.6)
    kgio (2.6.0)
    libv8 (3.3.10.2)
    mail (2.4.4)
      i18n (>= 0.4.0)
      mime-types (~> 1.16)
      treetop (~> 1.4.8)
    mime-types (1.18)
    mocha (0.9.12)
    multi_json (1.2.0)
    multipart-post (1.1.5)
    net-scp (1.0.4)
      net-ssh (>= 1.99.1)
    net-sftp (2.0.5)
      net-ssh (>= 2.0.9)
    net-ssh (2.2.0)
    net-ssh-gateway (1.1.0)
      net-ssh (>= 1.99.1)
    nokogiri (1.5.0)
    oauth2 (0.6.0)
      faraday (~> 0.7)
      httpauth (~> 0.1)
      multi_json (~> 1.0)
    oink (0.9.3)
      activerecord
      hodel_3000_compliant_logger
    omniauth (1.1.0)
      hashie (~> 1.2)
      rack
    omniauth-github (1.0.1)
      omniauth (~> 1.0)
      omniauth-oauth2 (~> 1.0)
    omniauth-oauth2 (1.0.2)
      oauth2 (~> 0.6.0)
      omniauth (~> 1.0)
    paperclip (2.3.16)
      activerecord (>= 2.3.0)
      activesupport (>= 2.3.2)
      cocaine (>= 0.0.2)
      mime-types
    pdf-writer (1.1.8)
      color (>= 1.4.0)
      transaction-simple (~> 1.3)
    pg (0.11.0)
    polyglot (0.3.3)
    rabl (0.6.10)
      activesupport (>= 2.3.14)
      multi_json (~> 1.0)
    rack (1.4.1)
    rack-cache (1.2)
      rack (>= 0.4)
    rack-ssl (1.3.2)
      rack
    rack-test (0.6.1)
      rack (>= 1.0)
    rails (3.2.6)
      actionmailer (= 3.2.6)
      actionpack (= 3.2.6)
      activerecord (= 3.2.6)
      activeresource (= 3.2.6)
      activesupport (= 3.2.6)
      bundler (~> 1.0)
      railties (= 3.2.6)
    rails_autolink (1.0.6)
      rails (~> 3.1)
    railties (3.2.6)
      actionpack (= 3.2.6)
      activesupport (= 3.2.6)
      rack-ssl (~> 1.3.2)
      rake (>= 0.8.7)
      rdoc (~> 3.4)
      thor (>= 0.14.6, < 2.0)
    rainbow (1.1.4)
    raindrops (0.7.0)
    rake (0.9.2.2)
    rb-fsevent (0.9.1)
    rdoc (3.12)
      json (~> 1.4)
    require (0.2.7)
    rmagick (2.13.1)
    rspec (2.9.0)
      rspec-core (~> 2.9.0)
      rspec-expectations (~> 2.9.0)
      rspec-mocks (~> 2.9.0)
    rspec-core (2.9.0)
    rspec-expectations (2.9.1)
      diff-lcs (~> 1.1.3)
    rspec-mocks (2.9.0)
    ruby-prof (0.10.8)
    rubyzip (0.9.4)
    ruport (1.6.3)
      fastercsv
      pdf-writer (= 1.1.8)
    sanitize (2.0.3)
      nokogiri (>= 1.4.4, < 1.6)
    sass (3.1.19)
    sass-rails (3.2.5)
      railties (~> 3.2.0)
      sass (>= 3.1.10)
      tilt (~> 1.3)
    selenium-webdriver (2.13.0)
      childprocess (>= 0.2.1)
      ffi (~> 1.0.9)
      json_pure
      rubyzip
    shoulda (2.11.3)
    spacedocs (0.0.2)
    sprockets (2.1.3)
      hike (~> 1.2)
      rack (~> 1.0)
      tilt (~> 1.1, != 1.3.0)
    therubyracer (0.9.3)
      libv8 (~> 3.3.10)
    thor (0.15.2)
    tilt (1.3.3)
    transaction-simple (1.4.0)
      hoe (>= 1.1.7)
    treetop (1.4.10)
      polyglot
      polyglot (>= 0.3.1)
    turn (0.8.2)
      ansi (>= 1.2.2)
    tzinfo (0.3.33)
    uglifier (1.0.1)
      execjs (>= 0.3.0)
      multi_json (>= 1.0.2)
    underscore-source (1.3.3)
    unicorn (4.0.1)
      kgio (~> 2.4)
      rack
      raindrops (~> 0.6)
    whenever (0.6.8)
      aaronh-chronic (>= 0.3.9)
      activesupport (>= 2.3.4)
    will_paginate (3.0.3)
    xml-simple (1.1.0)

PLATFORMS
  ruby

DEPENDENCIES
  acts-as-taggable-on
  authlogic
  aws-s3
  backbone-source
  bluecloth
  bone_tree!
  boner
  bootstrap-sass (~> 2.0.4.0)
  capistrano
  coffee-filter
  coffee-rails (~> 3.2.1)
  coffee-script-source (~> 1.2.0)
  compass-rails
  cornerstone-source
  dynamic_form
  editor_base!
  exception_notification!
  factory_girl!
  gratr!
  growl
  haml
  haml-sprockets!
  hpricot
  html5-boilerplate
  jasmine
  jasmine-headless-webkit
  jasmine-spec-extras
  jquery-image_reader
  json
  mail
  mocha
  multi_json (= 1.2.0)
  oink
  omniauth
  omniauth-github
  paperclip
  pg
  pixie_sass!
  rabl
  rails (= 3.2.6)
  rails_autolink
  rb-fsevent
  require
  rmagick
  ruby-prof
  ruport
  sanitize
  sass-rails (~> 3.2.3)
  shoulda
  spacedocs
  therubyracer
  tile_editor!
  turn
  uglifier
  underscore-source
  unicorn
  whenever
  will_paginate (= 3.0.3)
